GIT
  remote: https://github.com/kawakubox/ruboty-ghtrend.git
  revision: 27fe4df0bb655a488125d51d013e4361e0fff017
  specs:
    ruboty-ghtrend (0.1.1)
      ghtrend
      ruboty

GEM
  remote: https://rubygems.org/
  specs:
    activesupport (4.2.6)
      i18n (~> 0.7)
      json (~> 1.7, >= 1.7.7)
      minitest (~> 5.1)
      thread_safe (~> 0.3, >= 0.3.4)
      tzinfo (~> 1.1)
    ansi (1.5.0)
    ast (2.2.0)
    chrono (0.3.0)
      activesupport
    dotenv (2.1.0)
    eventmachine (1.2.0.1)
    faraday (0.9.0)
      multipart-post (>= 1.2, < 3)
    faraday_middleware (0.10.0)
      faraday (>= 0.7.4, < 0.10)
    faye-websocket (0.9.2)
      eventmachine (>= 0.12.0)
      websocket-driver (>= 0.5.1)
    ghtrend (0.1.2)
      oga (~> 2.2)
    i18n (0.7.0)
    json (1.8.3)
    mem (0.1.5)
    minitest (5.8.4)
    multi_json (1.11.2)
    multipart-post (2.0.0)
    oga (2.2)
      ast
      ruby-ll (~> 2.1)
    rake (11.1.1)
    redis (3.2.2)
    redis-namespace (1.5.2)
      redis (~> 3.0, >= 3.0.4)
    ruboty (1.2.2)
      activesupport
      bundler
      dotenv
      mem
      slop
    ruboty-alias (0.0.8)
      ruboty (>= 1.1.1)
    ruboty-cron (1.1.0)
      activesupport
      chrono
      ruboty (>= 0.2.0)
    ruboty-google_image (0.1.0)
      faraday
      faraday_middleware
      ruboty
    ruboty-issue_checker (0.2.1)
      ruboty
    ruboty-redis (0.0.6)
      redis
      redis-namespace
      ruboty
    ruboty-slack (0.1.12)
      ruboty (>= 1.0.4)
      xrc (>= 0.1.8)
    ruboty-slack_rtm (1.6.0)
      ruboty (>= 1.1.4)
      slack-api (~> 1.0.0)
      slack-rtmapi (~> 1.0.0.rc4)
    ruby-ll (2.1.2)
      ansi
      ast
    slack-api (1.0.0)
      faraday (>= 0.7, <= 0.9)
      faraday_middleware (~> 0.8)
      faye-websocket (~> 0.9.2)
      multi_json (~> 1.0, >= 1.0.3)
    slack-rtmapi (1.0.0.rc4)
      websocket-driver
    slop (4.3.0)
    thread_safe (0.3.5)
    tzinfo (1.2.2)
      thread_safe (~> 0.1)
    websocket-driver (0.6.3)
      websocket-extensions (>= 0.1.0)
    websocket-extensions (0.1.2)
    xrc (0.1.8)
      activesupport

PLATFORMS
  ruby

DEPENDENCIES
  rake
  ruboty-alias
  ruboty-cron
  ruboty-ghtrend!
  ruboty-google_image
  ruboty-issue_checker
  ruboty-redis
  ruboty-slack
  ruboty-slack_rtm

BUNDLED WITH
   1.11.2
